GEM
  remote: https://rubygems.org/
  specs:
    redis (3.0.7)
    thor (0.18.1)

PLATFORMS
  ruby

DEPENDENCIES
  redis
  thor
